GEM
  remote: https://rubygems.org/
  specs:
    concurrent-ruby (1.1.4)
    faker (1.9.3)
      i18n (>= 0.7)
    i18n (1.6.0)
      concurrent-ruby (~> 1.0)
    memory_profiler (0.9.13)
    vmstat (2.3.1)

PLATFORMS
  ruby

DEPENDENCIES
  concurrent-ruby (<= 1.1.4)
  faker
  memory_profiler
  vmstat

BUNDLED WITH
   2.0.1
